

GROUP Build
NUGET
  remote: https://www.nuget.org/api/v2
  specs:
    FAKE (4.25.4)
    FSharp.Compiler.Service (2.0.0.6)
    FSharp.Formatting (2.14.2)
      FSharp.Compiler.Service (2.0.0.6)
      FSharpVSPowerTools.Core (>= 2.3 < 2.4)
    FSharpVSPowerTools.Core (2.3)
      FSharp.Compiler.Service (>= 2.0.0.3)
    Microsoft.Bcl (1.1.10) - framework: net10, net11, net20, net30, net35, net40, net40-full
      Microsoft.Bcl.Build (>= 1.0.14)
    Microsoft.Bcl.Build (1.0.21) - import_targets: false, framework: net10, net11, net20, net30, net35, net40, net40-full
    Microsoft.Net.Http (2.2.29) - framework: net10, net11, net20, net30, net35, net40, net40-full
      Microsoft.Bcl (>= 1.1.10)
      Microsoft.Bcl.Build (>= 1.0.14)
    Octokit (0.19)
      Microsoft.Net.Http
    SourceLink.Fake (1.1)
GITHUB
  remote: fsharp/FAKE
  specs:
    modules/Octokit/Octokit.fsx (3bf706bd6058733a1a034755741076b3953aaf09)
      Octokit
GROUP Core
NUGET
  remote: https://www.nuget.org/api/v2
  specs:
    FParsec (1.0.2)
    Mono.Cecil (0.9.6.1)
GITHUB
  remote: fsprojects/Chessie
  specs:
    src/Chessie/ErrorHandling.fs (683c29b387a972e26e6e40826f4eb43627e7775b)
GROUP Test
NUGET
  remote: https://www.nuget.org/api/v2
  specs:
    FSharp.Object.Diff (0.3.1)
    NUnit (2.6.4)
    NUnit.Runners (2.6.4)
GITHUB
  remote: fsprojects/FsUnit
  specs:
    src/FsUnit.NUnit/FsUnitTyped.fs (43086ca8981c7642c1067ad5e9de80caf73ba4ec)